GIT
  remote: https://github.com/lsegal/yard.git
  revision: e167846322cacdcecb12cbd438aee9e78c6873a2
  branch: main
  specs:
    yard (0.9.28)
      webrick (~> 1.7.0)

GEM
  remote: https://rubygems.org/
  specs:
    pygments.rb (2.2.0)
    rake (11.3.0)
    redcarpet (3.5.1)
    webrick (1.7.0)

PLATFORMS
  ruby
  x86_64-darwin-20

DEPENDENCIES
  pygments.rb
  rake (< 12)
  redcarpet
  yard!

RUBY VERSION
   ruby 2.7.5p203

BUNDLED WITH
   2.3.8
