GIT
  remote: https://github.com/lsegal/yard.git
  revision: e833aac7a01510245dd4ae1d1d18b046c8293c2d
  branch: main
  specs:
    yard (0.9.36)

GEM
  remote: https://rubygems.org/
  specs:
    pygments.rb (3.0.0)
    rake (13.2.1)
    redcarpet (3.6.0)

PLATFORMS
  ruby
  x86_64-darwin-20

DEPENDENCIES
  pygments.rb
  rake
  redcarpet
  yard!

RUBY VERSION
   ruby 3.3.0p0

BUNDLED WITH
   2.5.4
