GIT
  remote: git://github.com/lsegal/yard.git
  revision: 3374f8cdb96fd7033eaee09f71f13c08c47693e2
  specs:
    yard (0.9.9)

GEM
  remote: https://rubygems.org/
  specs:
    multi_json (1.12.1)
    pygments.rb (1.1.2)
      multi_json (>= 1.0.0)
    rake (12.0.0)
    redcarpet (3.5.1)

PLATFORMS
  ruby

DEPENDENCIES
  pygments.rb
  rake
  redcarpet
  yard!

BUNDLED WITH
   1.15.1
