GIT
  remote: https://github.com/lsegal/yard.git
  revision: 359006641260eef1fe6d28f5c43c7c98d40f257d
  branch: main
  specs:
    yard (0.9.26)

GEM
  remote: https://rubygems.org/
  specs:
    multi_json (1.12.1)
    pygments.rb (1.1.2)
      multi_json (>= 1.0.0)
    rake (11.3.0)
    redcarpet (3.5.1)

PLATFORMS
  ruby
  x86_64-darwin-20

DEPENDENCIES
  pygments.rb
  rake (< 12)
  redcarpet
  yard!

BUNDLED WITH
   2.2.3
