GIT
  remote: https://github.com/lsegal/yard.git
  revision: 2d197a381c5d4cc5c55b2c60fff992b31c986361
  branch: main
  specs:
    yard (0.9.34)

GEM
  remote: https://rubygems.org/
  specs:
    pygments.rb (2.4.0)
    rake (11.3.0)
    redcarpet (3.6.0)

PLATFORMS
  ruby
  x86_64-darwin-20

DEPENDENCIES
  pygments.rb
  rake (< 12)
  redcarpet
  yard!

RUBY VERSION
   ruby 2.7.5p203

BUNDLED WITH
   2.3.8
