GEM
  remote: https://rubygems.org/
  specs:
    json (1.8.3)
    posix-spawn (0.3.11)
    pygments.rb (0.6.3)
      posix-spawn (~> 0.3.6)
      yajl-ruby (~> 1.2.0)
    rack (1.6.4)
    rake (10.4.2)
    rdoc (4.2.0)
    redcarpet (3.3.2)
    sdoc (0.4.1)
      json (~> 1.7, >= 1.7.7)
      rdoc (~> 4.0)
    yajl-ruby (1.2.1)

PLATFORMS
  ruby

DEPENDENCIES
  pygments.rb
  rack
  rake
  redcarpet
  sdoc

BUNDLED WITH
   1.10.5
