GIT
  remote: https://github.com/lsegal/yard.git
  revision: 9865620413d3519b561d87479e44f1b4fe782904
  branch: main
  specs:
    yard (0.9.26)
      webrick (~> 1.7.0)

GEM
  remote: https://rubygems.org/
  specs:
    pygments.rb (2.2.0)
    rake (11.3.0)
    redcarpet (3.5.1)
    webrick (1.7.0)

PLATFORMS
  ruby
  x86_64-darwin-20

DEPENDENCIES
  pygments.rb
  rake (< 12)
  redcarpet
  yard!

BUNDLED WITH
   2.2.30
