GIT
  remote: git://github.com/lsegal/yard.git
  revision: 62b1c5ace0f2a087bcfa09cdcdc518153d595c77
  specs:
    yard (0.8.7.6)

GEM
  remote: https://rubygems.org/
  specs:
    posix-spawn (0.3.11)
    pygments.rb (0.6.3)
      posix-spawn (~> 0.3.6)
      yajl-ruby (~> 1.2.0)
    rake (10.4.2)
    redcarpet (3.3.2)
    yajl-ruby (1.2.1)

PLATFORMS
  ruby

DEPENDENCIES
  pygments.rb
  rake
  redcarpet
  yard!

BUNDLED WITH
   1.10.6
